GEM
  remote: https://rubygems.org/
  specs:
    erubi (1.13.0)
    netrc (0.11.0)
    parallel (1.26.3)
    prism (0.30.0)
    rbi (0.1.14)
      prism (>= 0.18.0, < 1.0.0)
      sorbet-runtime (>= 0.5.9204)
    sorbet (0.5.11531)
      sorbet-static (= 0.5.11531)
    sorbet-runtime (0.5.11531)
    sorbet-static (0.5.11531-universal-darwin)
    sorbet-static-and-runtime (0.5.11531)
      sorbet (= 0.5.11531)
      sorbet-runtime (= 0.5.11531)
    spoom (1.4.2)
      erubi (>= 1.10.0)
      prism (>= 0.28.0)
      sorbet-static-and-runtime (>= 0.5.10187)
      thor (>= 0.19.2)
    tapioca (0.16.1)
      bundler (>= 2.2.25)
      netrc (>= 0.11.0)
      parallel (>= 1.21.0)
      rbi (>= 0.1.14, < 0.2)
      sorbet-static-and-runtime (>= 0.5.11087)
      spoom (>= 1.2.0)
      thor (>= 1.2.0)
      yard-sorbet
    thor (1.3.1)
    yard (0.9.36)
    yard-sorbet (0.9.0)
      sorbet-runtime
      yard

PLATFORMS
  x86_64-darwin-19

DEPENDENCIES
  sorbet
  sorbet-runtime
  tapioca

RUBY VERSION
   ruby 3.1.2p20

BUNDLED WITH
   2.3.7
